GIT
  remote: https://github.com/pakyow/markdown.git
  revision: e58345f3aafde9a7a7d8b1434f297ac80bc4e7e8
  branch: master
  specs:
    pakyow-markdown (2.0.1)
      pakyow-presenter (~> 1.0)
      redcarpet (~> 3.4)
      rouge (~> 3.5)

GIT
  remote: https://github.com/pakyow/pakyow.git
  revision: 1edd95f39514cbcbf0fa78ccaa618cd765efb304
  branch: master
  specs:
    pakyow (1.1.0)
      pakyow-assets (= 1.1.0)
      pakyow-core (= 1.1.0)
      pakyow-data (= 1.1.0)
      pakyow-form (= 1.1.0)
      pakyow-mailer (= 1.1.0)
      pakyow-presenter (= 1.1.0)
      pakyow-realtime (= 1.1.0)
      pakyow-reflection (= 1.1.0)
      pakyow-routing (= 1.1.0)
      pakyow-support (= 1.1.0)
      pakyow-ui (= 1.1.0)
    pakyow-assets (1.1.0)
      async-http (~> 0.50.0)
      mini_mime (~> 1.0)
      mini_racer (~> 0.2.9)
      pakyow-core (= 1.1.0)
      pakyow-presenter (= 1.1.0)
      pakyow-routing (= 1.1.0)
      pakyow-support (= 1.1.0)
      sassc (~> 2.2)
      source_map (~> 3.0)
    pakyow-core (1.1.0)
      async (~> 1.24)
      async-http (~> 0.50.0)
      async-io (~> 1.28)
      bundler (~> 2.1)
      console (~> 1.8)
      dry-types (~> 1.4)
      filewatcher (~> 1.1)
      method_source (~> 0.9.2)
      mini_mime (~> 1.0)
      multipart-parser (~> 0.1.1)
      pakyow-support (= 1.1.0)
      process-group (~> 1.2)
      rake (~> 13.0)
    pakyow-data (1.1.0)
      concurrent-ruby (~> 1.1)
      connection_pool (~> 2.2)
      dry-types (~> 1.4)
      pakyow-core (= 1.1.0)
      pakyow-support (= 1.1.0)
      redis (~> 4.1)
      sequel (~> 5.31)
    pakyow-form (1.1.0)
      pakyow-core (= 1.1.0)
      pakyow-data (= 1.1.0)
      pakyow-presenter (= 1.1.0)
      pakyow-routing (= 1.1.0)
      pakyow-support (= 1.1.0)
    pakyow-mailer (1.1.0)
      css_parser (~> 1.7)
      htmlentities (~> 4.3)
      mail (~> 2.7)
      oga (~> 3.2)
      pakyow-assets (= 1.1.0)
      pakyow-core (= 1.1.0)
      pakyow-presenter (= 1.1.0)
      pakyow-routing (= 1.1.0)
      pakyow-support (= 1.1.0)
    pakyow-presenter (1.1.0)
      oga (~> 3.2)
      pakyow-core (= 1.1.0)
      pakyow-routing (= 1.1.0)
      pakyow-support (= 1.1.0)
      redcarpet (~> 3.5)
    pakyow-realtime (1.1.0)
      async-websocket (~> 0.13.1)
      concurrent-ruby (~> 1.1)
      pakyow-core (= 1.1.0)
      pakyow-presenter (= 1.1.0)
      pakyow-routing (= 1.1.0)
      pakyow-support (= 1.1.0)
      redis (~> 4.1)
    pakyow-reflection (1.1.0)
      pakyow-core (= 1.1.0)
      pakyow-data (= 1.1.0)
      pakyow-form (= 1.1.0)
      pakyow-presenter (= 1.1.0)
      pakyow-support (= 1.1.0)
    pakyow-routing (1.1.0)
      pakyow-core (= 1.1.0)
      pakyow-support (= 1.1.0)
    pakyow-support (1.1.0)
      concurrent-ruby (~> 1.1)
      dry-inflector (~> 0.2.0)
      pastel (~> 0.7.3)
      tty-command (~> 0.9.0)
      tty-spinner (~> 0.9.3)
    pakyow-ui (1.1.0)
      concurrent-ruby (~> 1.1)
      pakyow-core (= 1.1.0)
      pakyow-data (= 1.1.0)
      pakyow-presenter (= 1.1.0)
      pakyow-realtime (= 1.1.0)
      pakyow-routing (= 1.1.0)
      pakyow-support (= 1.1.0)

GEM
  remote: https://rubygems.org/
  specs:
    addressable (2.8.1)
      public_suffix (>= 2.0.2, < 6.0)
    ansi (1.5.0)
    ast (2.4.0)
    async (1.24.2)
      console (~> 1.0)
      nio4r (~> 2.3)
      timers (~> 4.1)
    async-http (0.50.12)
      async (~> 1.23)
      async-io (~> 1.28)
      async-pool (~> 0.2)
      protocol-http (~> 0.16.0)
      protocol-http1 (~> 0.10.0)
      protocol-http2 (~> 0.13.0)
    async-io (1.28.0)
      async (~> 1.14)
    async-pool (0.2.0)
      async (~> 1.8)
    async-websocket (0.13.1)
      async-http (~> 0.43)
      async-io (~> 1.23)
      protocol-websocket (~> 0.7.0)
    bootsnap (1.4.6)
      msgpack (~> 1.0)
    concurrent-ruby (1.1.6)
    connection_pool (2.2.2)
    console (1.8.2)
    css_parser (1.7.1)
      addressable
    diff-lcs (1.3)
    dotenv (2.7.5)
    dry-configurable (0.11.5)
      concurrent-ruby (~> 1.0)
      dry-core (~> 0.4, >= 0.4.7)
      dry-equalizer (~> 0.2)
    dry-container (0.7.2)
      concurrent-ruby (~> 1.0)
      dry-configurable (~> 0.1, >= 0.1.3)
    dry-core (0.4.9)
      concurrent-ruby (~> 1.0)
    dry-equalizer (0.3.0)
    dry-inflector (0.2.0)
    dry-logic (1.0.6)
      concurrent-ruby (~> 1.0)
      dry-core (~> 0.2)
      dry-equalizer (~> 0.2)
    dry-types (1.4.0)
      concurrent-ruby (~> 1.0)
      dry-container (~> 0.3)
      dry-core (~> 0.4, >= 0.4.4)
      dry-equalizer (~> 0.3)
      dry-inflector (~> 0.1, >= 0.1.2)
      dry-logic (~> 1.0, >= 1.0.2)
    equatable (0.6.1)
    ffi (1.12.2)
    filewatcher (1.1.1)
      optimist (~> 3.0)
    htmlentities (4.3.4)
    json (2.3.0)
    libv8 (7.3.492.27.1)
    mail (2.7.1)
      mini_mime (>= 0.1.1)
    method_source (0.9.2)
    mini_mime (1.0.2)
    mini_racer (0.2.9)
      libv8 (>= 6.9.411)
    msgpack (1.3.3)
    multipart-parser (0.1.1)
    nio4r (2.5.2)
    oga (3.2)
      ast
      ruby-ll (~> 2.1)
    optimist (3.0.0)
    pastel (0.7.3)
      equatable (~> 0.6)
      tty-color (~> 0.5)
    pg (1.2.3)
    process-group (1.2.1)
      process-terminal (~> 0.2.0)
    process-terminal (0.2.0)
      ffi
    protocol-hpack (1.4.2)
    protocol-http (0.16.2)
    protocol-http1 (0.10.3)
      protocol-http (~> 0.15)
    protocol-http2 (0.13.2)
      protocol-hpack (~> 1.4)
      protocol-http (~> 0.15)
    protocol-websocket (0.7.4)
      protocol-http (~> 0.2)
      protocol-http1 (~> 0.2)
    public_suffix (5.0.0)
    rake (13.0.1)
    redcarpet (3.5.0)
    redis (4.1.3)
    rouge (3.17.0)
    rspec (3.9.0)
      rspec-core (~> 3.9.0)
      rspec-expectations (~> 3.9.0)
      rspec-mocks (~> 3.9.0)
    rspec-core (3.9.1)
      rspec-support (~> 3.9.1)
    rspec-expectations (3.9.1)
      diff-lcs (>= 1.2.0, < 2.0)
      rspec-support (~> 3.9.0)
    rspec-mocks (3.9.1)
      diff-lcs (>= 1.2.0, < 2.0)
      rspec-support (~> 3.9.0)
    rspec-support (3.9.2)
    ruby-ll (2.1.2)
      ansi
      ast
    sassc (2.2.1)
      ffi (~> 1.9)
    sequel (5.31.0)
    source_map (3.0.1)
      json
    sqlite3 (1.4.2)
    timers (4.3.0)
    tty-color (0.5.1)
    tty-command (0.9.0)
      pastel (~> 0.7.0)
    tty-cursor (0.7.1)
    tty-spinner (0.9.3)
      tty-cursor (~> 0.7)

PLATFORMS
  ruby

DEPENDENCIES
  bootsnap
  dotenv
  pakyow!
  pakyow-markdown!
  pg
  rspec
  sqlite3

BUNDLED WITH
   2.1.4
