GIT
  remote: git://github.com/pakyow/pakyow.git
  revision: cdf8526e03551aa102c3ac1dd043f5f0fd17fb84
  branch: master
  specs:
    pakyow (1.0.0.alpha1)
      bundler (~> 1.13)
      filewatcher (~> 1.0)
      http (~> 3.0)
      method_source (~> 0.9)
      pakyow-assets (= 1.0.0.alpha1)
      pakyow-core (= 1.0.0.alpha1)
      pakyow-data (= 1.0.0.alpha1)
      pakyow-mailer (= 1.0.0.alpha1)
      pakyow-presenter (= 1.0.0.alpha1)
      pakyow-realtime (= 1.0.0.alpha1)
      pakyow-support (= 1.0.0.alpha1)
      pakyow-test (= 1.0.0.alpha1)
      pakyow-ui (= 1.0.0.alpha1)
      pastel (~> 0.7)
      rack (~> 2.0)
      thor (~> 0.19)
      tty-command (~> 0.7)
      tty-spinner (~> 0.8)
    pakyow-assets (1.0.0.alpha1)
      pakyow-core (= 1.0.0.alpha1)
      pakyow-presenter (= 1.0.0.alpha1)
      pakyow-support (= 1.0.0.alpha1)
      uglifier (~> 4.1)
      yui-compressor (~> 0.12)
    pakyow-core (1.0.0.alpha1)
      dry-types (~> 0.13)
      pakyow-support (= 1.0.0.alpha1)
    pakyow-data (1.0.0.alpha1)
      concurrent-ruby (~> 1.0)
      dry-types (~> 0.13)
      pakyow-support (= 1.0.0.alpha1)
      sequel (~> 5.7)
    pakyow-mailer (1.0.0.alpha1)
      css_parser (~> 1.6)
      htmlentities (~> 4.3)
      mail (~> 2.7)
      oga (~> 2.11)
      pakyow-assets (= 1.0.0.alpha1)
      pakyow-core (= 1.0.0.alpha1)
      pakyow-presenter (= 1.0.0.alpha1)
      pakyow-support (= 1.0.0.alpha1)
    pakyow-presenter (1.0.0.alpha1)
      oga (~> 2.11)
      pakyow-core (= 1.0.0.alpha1)
      pakyow-support (= 1.0.0.alpha1)
      redcarpet (~> 3.4)
    pakyow-realtime (1.0.0.alpha1)
      concurrent-ruby (~> 1.0)
      nio4r (~> 2.1)
      pakyow-core (= 1.0.0.alpha1)
      pakyow-support (= 1.0.0.alpha1)
      redis (~> 4.0)
      websocket-driver (~> 0.7)
    pakyow-support (1.0.0.alpha1)
      concurrent-ruby (~> 1.0)
      dry-inflector (~> 0.1)
    pakyow-test (1.0.0.alpha1)
      pakyow-core (= 1.0.0.alpha1)
      pakyow-mailer (= 1.0.0.alpha1)
      pakyow-presenter (= 1.0.0.alpha1)
      pakyow-support (= 1.0.0.alpha1)
    pakyow-ui (1.0.0.alpha1)
      pakyow-core (= 1.0.0.alpha1)
      pakyow-data (= 1.0.0.alpha1)
      pakyow-presenter (= 1.0.0.alpha1)
      pakyow-realtime (= 1.0.0.alpha1)
      pakyow-support (= 1.0.0.alpha1)

GEM
  remote: https://rubygems.org/
  specs:
    addressable (2.5.2)
      public_suffix (>= 2.0.2, < 4.0)
    ansi (1.5.0)
    ast (2.4.0)
    concurrent-ruby (1.0.5)
    css_parser (1.6.0)
      addressable
    diff-lcs (1.3)
    domain_name (0.5.20180417)
      unf (>= 0.0.5, < 1.0.0)
    dotenv (2.4.0)
    dry-configurable (0.7.0)
      concurrent-ruby (~> 1.0)
    dry-container (0.6.0)
      concurrent-ruby (~> 1.0)
      dry-configurable (~> 0.1, >= 0.1.3)
    dry-core (0.4.6)
      concurrent-ruby (~> 1.0)
    dry-equalizer (0.2.1)
    dry-inflector (0.1.2)
    dry-logic (0.4.2)
      dry-container (~> 0.2, >= 0.2.6)
      dry-core (~> 0.2)
      dry-equalizer (~> 0.2)
    dry-types (0.13.0)
      concurrent-ruby (~> 1.0)
      dry-container (~> 0.3)
      dry-core (~> 0.4, >= 0.4.4)
      dry-equalizer (~> 0.2)
      dry-inflector (~> 0.1, >= 0.1.2)
      dry-logic (~> 0.4, >= 0.4.2)
    equatable (0.5.0)
    execjs (2.7.0)
    ffi (1.9.23)
    filewatcher (1.0.1)
      trollop (~> 2.1, >= 2.1.2)
    htmlentities (4.3.4)
    http (3.3.0)
      addressable (~> 2.3)
      http-cookie (~> 1.0)
      http-form_data (~> 2.0)
      http_parser.rb (~> 0.6.0)
    http-cookie (1.0.3)
      domain_name (~> 0.5)
    http-form_data (2.1.0)
    http_parser.rb (0.6.0)
    mail (2.7.0)
      mini_mime (>= 0.1.1)
    method_source (0.9.0)
    mini_mime (1.0.0)
    nio4r (2.3.1)
    oga (2.15)
      ast
      ruby-ll (~> 2.1)
    pastel (0.7.2)
      equatable (~> 0.5.0)
      tty-color (~> 0.4.0)
    pg (1.0.0)
    public_suffix (3.0.2)
    puma (3.11.4)
    rack (2.0.5)
    rb-fsevent (0.10.3)
    rb-inotify (0.9.10)
      ffi (>= 0.5.0, < 2)
    redcarpet (3.4.0)
    redis (4.0.1)
    rspec (3.7.0)
      rspec-core (~> 3.7.0)
      rspec-expectations (~> 3.7.0)
      rspec-mocks (~> 3.7.0)
    rspec-core (3.7.1)
      rspec-support (~> 3.7.0)
    rspec-expectations (3.7.0)
      diff-lcs (>= 1.2.0, < 2.0)
      rspec-support (~> 3.7.0)
    rspec-mocks (3.7.0)
      diff-lcs (>= 1.2.0, < 2.0)
      rspec-support (~> 3.7.0)
    rspec-support (3.7.1)
    ruby-ll (2.1.2)
      ansi
      ast
    sass (3.5.6)
      sass-listen (~> 4.0.0)
    sass-listen (4.0.0)
      rb-fsevent (~> 0.9, >= 0.9.4)
      rb-inotify (~> 0.9, >= 0.9.7)
    sequel (5.8.0)
    thor (0.20.0)
    trollop (2.1.2)
    tty-color (0.4.2)
    tty-command (0.8.0)
      pastel (~> 0.7.0)
    tty-cursor (0.5.0)
    tty-spinner (0.8.0)
      tty-cursor (>= 0.5.0)
    uglifier (4.1.10)
      execjs (>= 0.3.0, < 3)
    unf (0.1.4)
      unf_ext
    unf_ext (0.0.7.5)
    websocket-driver (0.7.0)
      websocket-extensions (>= 0.1.0)
    websocket-extensions (0.1.3)
    yui-compressor (0.12.0)

PLATFORMS
  ruby

DEPENDENCIES
  dotenv
  pakyow!
  pg
  puma
  rspec
  sass
  thin

BUNDLED WITH
   1.16.1
