GIT
  remote: git://github.com/pakyow/pakyow.git
  revision: bb1a75a1d7aaf1b41ad86903ad2e2570d4dce7b1
  branch: master
  specs:
    pakyow (1.0.0.pre.alpha)
      bundler (~> 1.13)
      listen (~> 3.1)
      pakyow-core (= 1.0.0.pre.alpha)
      pakyow-data (= 1.0.0.pre.alpha)
      pakyow-mailer (= 1.0.0.pre.alpha)
      pakyow-presenter (= 1.0.0.pre.alpha)
      pakyow-rake (= 1.0.0.pre.alpha)
      pakyow-realtime (= 1.0.0.pre.alpha)
      pakyow-support (= 1.0.0.pre.alpha)
      pakyow-test (= 1.0.0.pre.alpha)
      pakyow-ui (= 1.0.0.pre.alpha)
      pastel (~> 0.7)
      rack (~> 2.0)
      thor (~> 0.19)
    pakyow-core (1.0.0.pre.alpha)
      pakyow-support (= 1.0.0.pre.alpha)
    pakyow-data (1.0.0.pre.alpha)
      concurrent-ruby (~> 1.0)
      pakyow-support (= 1.0.0.pre.alpha)
      rom (~> 4.1)
      rom-sql (~> 2.3)
    pakyow-mailer (1.0.0.pre.alpha)
      mail (~> 2.7)
      pakyow-core (= 1.0.0.pre.alpha)
      pakyow-presenter (= 1.0.0.pre.alpha)
      pakyow-support (= 1.0.0.pre.alpha)
      premailer (= 1.11)
    pakyow-presenter (1.0.0.pre.alpha)
      oga (~> 2.11)
      pakyow-core (= 1.0.0.pre.alpha)
      pakyow-support (= 1.0.0.pre.alpha)
    pakyow-rake (1.0.0.pre.alpha)
      pakyow-core (= 1.0.0.pre.alpha)
      pakyow-presenter (= 1.0.0.pre.alpha)
      pakyow-support (= 1.0.0.pre.alpha)
      rake (~> 12.3)
    pakyow-realtime (1.0.0.pre.alpha)
      concurrent-ruby (~> 1.0)
      nio4r (~> 2.1)
      pakyow-core (= 1.0.0.pre.alpha)
      pakyow-support (= 1.0.0.pre.alpha)
      redis (~> 4.0)
      websocket-driver (~> 0.7)
    pakyow-support (1.0.0.pre.alpha)
      dry-inflector (~> 0.1)
    pakyow-test (1.0.0.pre.alpha)
      pakyow-core (= 1.0.0.pre.alpha)
      pakyow-mailer (= 1.0.0.pre.alpha)
      pakyow-presenter (= 1.0.0.pre.alpha)
      pakyow-support (= 1.0.0.pre.alpha)
    pakyow-ui (1.0.0.pre.alpha)
      pakyow-core (= 1.0.0.pre.alpha)
      pakyow-presenter (= 1.0.0.pre.alpha)
      pakyow-realtime (= 1.0.0.pre.alpha)
      pakyow-support (= 1.0.0.pre.alpha)

GEM
  remote: https://rubygems.org/
  specs:
    addressable (2.5.2)
      public_suffix (>= 2.0.2, < 4.0)
    ansi (1.5.0)
    ast (2.3.0)
    concurrent-ruby (1.0.5)
    css_parser (1.6.0)
      addressable
    diff-lcs (1.3)
    dotenv (2.2.1)
    dry-configurable (0.7.0)
      concurrent-ruby (~> 1.0)
    dry-container (0.6.0)
      concurrent-ruby (~> 1.0)
      dry-configurable (~> 0.1, >= 0.1.3)
    dry-core (0.4.2)
      concurrent-ruby (~> 1.0)
    dry-equalizer (0.2.0)
    dry-inflector (0.1.1)
    dry-initializer (2.3.0)
    dry-logic (0.4.2)
      dry-container (~> 0.2, >= 0.2.6)
      dry-core (~> 0.2)
      dry-equalizer (~> 0.2)
    dry-struct (0.4.0)
      dry-core (~> 0.4, >= 0.4.1)
      dry-equalizer (~> 0.2)
      dry-types (~> 0.12, >= 0.12.2)
      ice_nine (~> 0.11)
    dry-types (0.12.2)
      concurrent-ruby (~> 1.0)
      dry-configurable (~> 0.1)
      dry-container (~> 0.3)
      dry-core (~> 0.2, >= 0.2.1)
      dry-equalizer (~> 0.2)
      dry-logic (~> 0.4, >= 0.4.2)
      inflecto (~> 0.0.0, >= 0.0.2)
    equatable (0.5.0)
    ffi (1.9.18)
    htmlentities (4.3.4)
    ice_nine (0.11.2)
    inflecto (0.0.2)
    listen (3.1.5)
      rb-fsevent (~> 0.9, >= 0.9.4)
      rb-inotify (~> 0.9, >= 0.9.7)
      ruby_dep (~> 1.2)
    mail (2.7.0)
      mini_mime (>= 0.1.1)
    mini_mime (1.0.0)
    nio4r (2.2.0)
    oga (2.13)
      ast
      ruby-ll (~> 2.1)
    pastel (0.7.2)
      equatable (~> 0.5.0)
      tty-color (~> 0.4.0)
    pg (1.0.0)
    premailer (1.11.0)
      addressable
      css_parser (>= 1.6.0)
      htmlentities (>= 4.0.0)
    public_suffix (3.0.1)
    puma (3.11.0)
    rack (2.0.3)
    rake (12.3.0)
    rb-fsevent (0.10.2)
    rb-inotify (0.9.10)
      ffi (>= 0.5.0, < 2)
    redis (4.0.1)
    rom (4.1.2)
      rom-changeset (~> 1.0, >= 1.0.1)
      rom-core (~> 4.1, >= 4.1.1)
      rom-repository (~> 2.0, >= 2.0.2)
    rom-changeset (1.0.1)
      dry-core (~> 0.3, >= 0.3.1)
      rom-core (~> 4.0)
      transproc (~> 1.0)
    rom-core (4.1.1)
      concurrent-ruby (~> 1.0)
      dry-container (~> 0.6)
      dry-core (~> 0.3)
      dry-equalizer (~> 0.2)
      dry-inflector (~> 0.1)
      dry-initializer (~> 2.0)
      dry-types (~> 0.12, >= 0.12.1)
      rom-mapper (~> 1.1)
    rom-mapper (1.1.0)
      dry-core (~> 0.3, >= 0.3.1)
      dry-equalizer (~> 0.2)
      dry-struct (~> 0.3)
      transproc (~> 1.0)
    rom-repository (2.0.2)
      dry-core (~> 0.3)
      dry-initializer (~> 2.0)
      rom-core (~> 4.0)
    rom-sql (2.3.0)
      dry-core (~> 0.3)
      dry-equalizer (~> 0.2)
      dry-types (~> 0.12, >= 0.12.1)
      rom-core (~> 4.1)
      sequel (>= 4.49)
    rspec (3.7.0)
      rspec-core (~> 3.7.0)
      rspec-expectations (~> 3.7.0)
      rspec-mocks (~> 3.7.0)
    rspec-core (3.7.1)
      rspec-support (~> 3.7.0)
    rspec-expectations (3.7.0)
      diff-lcs (>= 1.2.0, < 2.0)
      rspec-support (~> 3.7.0)
    rspec-mocks (3.7.0)
      diff-lcs (>= 1.2.0, < 2.0)
      rspec-support (~> 3.7.0)
    rspec-support (3.7.0)
    ruby-ll (2.1.2)
      ansi
      ast
    ruby_dep (1.5.0)
    sass (3.5.5)
      sass-listen (~> 4.0.0)
    sass-listen (4.0.0)
      rb-fsevent (~> 0.9, >= 0.9.4)
      rb-inotify (~> 0.9, >= 0.9.7)
    sequel (5.4.0)
    thor (0.20.0)
    transproc (1.0.2)
    tty-color (0.4.2)
    websocket-driver (0.7.0)
      websocket-extensions (>= 0.1.0)
    websocket-extensions (0.1.3)

PLATFORMS
  ruby

DEPENDENCIES
  dotenv
  pakyow!
  pg
  puma
  rspec
  sass
  thin

BUNDLED WITH
   1.16.1
