GIT
  remote: git://github.com/pakyow/pakyow.git
  revision: 69ebbf1904698766438bee6cabadbe5468ae9da9
  branch: master
  specs:
    pakyow (1.0.0.pre.alpha)
      bundler (~> 1.13)
      listen (~> 3.1)
      pakyow-core (= 1.0.0.pre.alpha)
      pakyow-mailer (= 1.0.0.pre.alpha)
      pakyow-presenter (= 1.0.0.pre.alpha)
      pakyow-rake (= 1.0.0.pre.alpha)
      pakyow-realtime (= 1.0.0.pre.alpha)
      pakyow-support (= 1.0.0.pre.alpha)
      pakyow-test (= 1.0.0.pre.alpha)
      pakyow-ui (= 1.0.0.pre.alpha)
      pastel (~> 0.7)
      thor (~> 0.19)
    pakyow-core (1.0.0.pre.alpha)
      pakyow-support (= 1.0.0.pre.alpha)
      rack (~> 2.0)
      rack-protection (~> 1.5)
    pakyow-mailer (1.0.0.pre.alpha)
      mail (~> 2.6)
      pakyow-core (= 1.0.0.pre.alpha)
      pakyow-presenter (= 1.0.0.pre.alpha)
      pakyow-support (= 1.0.0.pre.alpha)
      premailer (= 1.10)
    pakyow-presenter (1.0.0.pre.alpha)
      oga (~> 2.6)
      pakyow-core (= 1.0.0.pre.alpha)
      pakyow-support (= 1.0.0.pre.alpha)
    pakyow-rake (1.0.0.pre.alpha)
      pakyow-core (= 1.0.0.pre.alpha)
      pakyow-presenter (= 1.0.0.pre.alpha)
      pakyow-support (= 1.0.0.pre.alpha)
      rake (~> 11.1)
    pakyow-realtime (1.0.0.pre.alpha)
      nio4r (~> 1.2)
      pakyow-core (= 1.0.0.pre.alpha)
      pakyow-support (= 1.0.0.pre.alpha)
      redis (~> 3.2)
      websocket (~> 1.2)
    pakyow-support (1.0.0.pre.alpha)
    pakyow-test (1.0.0.pre.alpha)
      pakyow-core (= 1.0.0.pre.alpha)
      pakyow-mailer (= 1.0.0.pre.alpha)
      pakyow-presenter (= 1.0.0.pre.alpha)
      pakyow-support (= 1.0.0.pre.alpha)
    pakyow-ui (1.0.0.pre.alpha)
      pakyow-core (= 1.0.0.pre.alpha)
      pakyow-presenter (= 1.0.0.pre.alpha)
      pakyow-realtime (= 1.0.0.pre.alpha)
      pakyow-support (= 1.0.0.pre.alpha)

GEM
  remote: https://rubygems.org/
  specs:
    addressable (2.5.2)
      public_suffix (>= 2.0.2, < 4.0)
    ansi (1.5.0)
    ast (2.3.0)
    css_parser (1.6.0)
      addressable
    diff-lcs (1.3)
    dotenv (2.2.1)
    equatable (0.5.0)
    ffi (1.9.18)
    htmlentities (4.3.4)
    listen (3.1.5)
      rb-fsevent (~> 0.9, >= 0.9.4)
      rb-inotify (~> 0.9, >= 0.9.7)
      ruby_dep (~> 1.2)
    mail (2.7.0)
      mini_mime (>= 0.1.1)
    mini_mime (0.1.4)
    nio4r (1.2.1)
    oga (2.11)
      ast
      ruby-ll (~> 2.1)
    pastel (0.7.1)
      equatable (~> 0.5.0)
      tty-color (~> 0.4.0)
    premailer (1.10.0)
      css_parser (>= 1.4.9)
      htmlentities (>= 4.0.0)
    public_suffix (3.0.0)
    puma (3.10.0)
    rack (2.0.3)
    rack-protection (1.5.3)
      rack
    rake (11.3.0)
    rb-fsevent (0.10.2)
    rb-inotify (0.9.10)
      ffi (>= 0.5.0, < 2)
    redis (3.3.5)
    rspec (3.7.0)
      rspec-core (~> 3.7.0)
      rspec-expectations (~> 3.7.0)
      rspec-mocks (~> 3.7.0)
    rspec-core (3.7.0)
      rspec-support (~> 3.7.0)
    rspec-expectations (3.7.0)
      diff-lcs (>= 1.2.0, < 2.0)
      rspec-support (~> 3.7.0)
    rspec-mocks (3.7.0)
      diff-lcs (>= 1.2.0, < 2.0)
      rspec-support (~> 3.7.0)
    rspec-support (3.7.0)
    ruby-ll (2.1.2)
      ansi
      ast
    ruby_dep (1.5.0)
    thor (0.20.0)
    tty-color (0.4.2)
    websocket (1.2.4)

PLATFORMS
  ruby

DEPENDENCIES
  dotenv
  pakyow!
  puma
  rspec
  thin

BUNDLED WITH
   1.15.4
